GEM
  remote: https://rubygems.org/
  specs:
    addressable (2.3.3)
    configuration (1.3.2)
    faraday (0.8.6)
      multipart-post (~> 1.1)
    faraday_middleware (0.9.0)
      faraday (>= 0.7.4, < 0.9)
    gosu (0.7.45)
    hashie (1.2.0)
    multi_json (1.6.1)
    multipart-post (1.2.0)
    netrc (0.7.7)
    octokit (1.23.0)
      addressable (~> 2.2)
      faraday (~> 0.8)
      faraday_middleware (~> 0.9)
      hashie (~> 1.2)
      multi_json (~> 1.3)
      netrc (~> 0.7.7)
    rtanque (0.0.1)
      configuration (~> 1.3.2)
      gosu (~> 0.7.45)
      octokit (~> 1.23.0)
      thor (~> 0.17.0)
    thor (0.17.0)

PLATFORMS
  ruby

DEPENDENCIES
  rtanque
